GIT
  remote: https://github.com/raggi/bitcoin-ruby
  revision: ee22140522b1ee75a363ff7aaa56d1925d5bde9d
  specs:
    bitcoin-ruby (0.0.20)
      eventmachine
      ffi
      scrypt

GEM
  remote: https://rubygems.org/
  specs:
    coderay (1.1.3)
    eventmachine (1.2.7)
    ffi (1.15.4)
    ffi-compiler (1.0.1)
      ffi (>= 1.0.0)
      rake
    httparty (0.20.0)
      mime-types (~> 3.0)
      multi_xml (>= 0.5.2)
    method_source (1.0.0)
    mime-types (3.4.1)
      mime-types-data (~> 3.2015)
    mime-types-data (3.2021.1115)
    multi_xml (0.6.0)
    pry (0.14.1)
      coderay (~> 1.1)
      method_source (~> 1.0)
    pry-nav (1.0.0)
      pry (>= 0.9.10, < 0.15)
    rake (13.0.6)
    scrypt (3.0.7)
      ffi-compiler (>= 1.0, < 2.0)

PLATFORMS
  x86_64-darwin-18

DEPENDENCIES
  bitcoin-ruby!
  httparty
  pry
  pry-nav

RUBY VERSION
   ruby 3.0.0p0

BUNDLED WITH
   2.2.3
